PATH
  remote: .
  specs:
    angry_purple_tiger (0.1.0)

GEM
  remote: https://rubygems.org/
  specs:
    minitest (5.15.0)
    rake (10.5.0)

PLATFORMS
  ruby

DEPENDENCIES
  angry_purple_tiger!
  bundler (~> 1.17)
  minitest (~> 5.0)
  rake (~> 10.0)

BUNDLED WITH
   2.3.12
